GEM
  remote: http://rubygems.org/
  specs:
    shoulda-context (1.0.0)

PLATFORMS
  ruby

DEPENDENCIES
  shoulda-context (~> 1.0.0)
